GEM
  remote: https://rubygems.org/
  specs:
    concurrent-ruby (1.3.3)
    csv (3.3.0)
    faker (2.23.0)
      i18n (>= 1.8.11, < 2)
    i18n (1.14.5)
      concurrent-ruby (~> 1.0)

PLATFORMS
  ruby
  x86_64-linux

DEPENDENCIES
  csv (~> 3.1)
  faker (~> 2.20)

BUNDLED WITH
   2.5.14
